PATH
  remote: .
  specs:
    liquid_debug (0.1.1)
      liquid (~> 5.3)
      paint (~> 2.1)

GEM
  remote: https://rubygems.org/
  specs:
    devpack (0.4.1)
    liquid (5.3.0)
    paint (2.2.1)

PLATFORMS
  ruby

DEPENDENCIES
  devpack
  liquid_debug!

BUNDLED WITH
   2.4.13
