PATH
  remote: .
  specs:
    liquid_debug (0.1.1)
      liquid (~> 5.3)
      paint (~> 2.1)

GEM
  remote: https://rubygems.org/
  specs:
    ast (2.4.2)
    betterp (0.1.6)
      paint (~> 2.0)
    concurrent-ruby (1.1.10)
    diff-lcs (1.5.0)
    i18n (1.10.0)
      concurrent-ruby (~> 1.0)
    liquid (5.3.0)
    paint (2.2.1)
    parallel (1.22.1)
    parser (3.1.2.0)
      ast (~> 2.4.1)
    rainbow (3.1.1)
    rake (13.0.6)
    regexp_parser (2.4.0)
    rexml (3.2.5)
    rspec (3.11.0)
      rspec-core (~> 3.11.0)
      rspec-expectations (~> 3.11.0)
      rspec-mocks (~> 3.11.0)
    rspec-core (3.11.0)
      rspec-support (~> 3.11.0)
    rspec-expectations (3.11.0)
      diff-lcs (>= 1.2.0, < 2.0)
      rspec-support (~> 3.11.0)
    rspec-its (1.3.0)
      rspec-core (>= 3.0.0)
      rspec-expectations (>= 3.0.0)
    rspec-mocks (3.11.1)
      diff-lcs (>= 1.2.0, < 2.0)
      rspec-support (~> 3.11.0)
    rspec-support (3.11.0)
    rubocop (1.29.1)
      parallel (~> 1.10)
      parser (>= 3.1.0.0)
      rainbow (>= 2.2.2, < 4.0)
      regexp_parser (>= 1.8, < 3.0)
      rexml (>= 3.2.5, < 4.0)
      rubocop-ast (>= 1.17.0, < 2.0)
      ruby-progressbar (~> 1.7)
      unicode-display_width (>= 1.4.0, < 3.0)
    rubocop-ast (1.18.0)
      parser (>= 3.1.1.0)
    rubocop-performance (1.13.3)
      rubocop (>= 1.7.0, < 2.0)
      rubocop-ast (>= 0.4.0)
    rubocop-rake (0.6.0)
      rubocop (~> 1.0)
    rubocop-rspec (2.11.1)
      rubocop (~> 1.19)
    ruby-progressbar (1.11.0)
    strong_versions (0.4.5)
      i18n (>= 0.5)
      paint (~> 2.0)
    unicode-display_width (2.1.0)

PLATFORMS
  ruby

DEPENDENCIES
  betterp (~> 0.1.6)
  bundler (~> 2.3)
  liquid_debug!
  rake (~> 13.0)
  rspec (~> 3.11)
  rspec-its (~> 1.3)
  rubocop (~> 1.29)
  rubocop-performance (~> 1.13)
  rubocop-rake (~> 0.6.0)
  rubocop-rspec (~> 2.11)
  strong_versions (~> 0.4.5)

BUNDLED WITH
   2.3.11
